GEM
  remote: https://rubygems.org/
  specs:
    json (1.8.3)

PLATFORMS
  x86-mingw32

DEPENDENCIES
  json (~> 1.8, >= 1.8.3)

BUNDLED WITH
   1.10.6
