GEM
  remote: https://rubygems.org/
  specs:
    ocra (1.3.6)

PLATFORMS
  x86-mingw32

DEPENDENCIES
  ocra (~> 1.3, >= 1.3.6)

BUNDLED WITH
   1.10.6
